PATH
  remote: .
  specs:
    ryb (0.2.0.1)
      gli (~> 2)
      ninja-gen
      pour
      visual_studio

GEM
  remote: https://rubygems.org/
  specs:
    aruba (0.13.0)
      childprocess (~> 0.5.6)
      contracts (~> 0.9)
      cucumber (>= 1.3.19)
      ffi (~> 1.9.10)
      rspec-expectations (>= 2.99)
      thor (~> 0.19)
    builder (3.2.2)
    childprocess (0.5.9)
      ffi (~> 1.0, >= 1.0.11)
    contracts (0.13.0)
    cucumber (2.3.2)
      builder (>= 2.1.2)
      cucumber-core (~> 1.4.0)
      cucumber-wire (~> 0.0.1)
      diff-lcs (>= 1.1.3)
      gherkin (~> 3.2.0)
      multi_json (>= 1.7.5, < 2.0)
      multi_test (>= 0.1.2)
    cucumber-core (1.4.0)
      gherkin (~> 3.2.0)
    cucumber-wire (0.0.1)
    diff-lcs (1.2.5)
    ffi (1.9.10)
    ffi (1.9.10-x86-mingw32)
    gherkin (3.2.0)
    gli (2.13.4)
    multi_json (1.11.2)
    multi_test (0.1.2)
    ninja-gen (0.1.1.1)
    pour (0.0.3.1)
      typespec
    rspec (3.4.0)
      rspec-core (~> 3.4.0)
      rspec-expectations (~> 3.4.0)
      rspec-mocks (~> 3.4.0)
    rspec-core (3.4.3)
      rspec-support (~> 3.4.0)
    rspec-expectations (3.4.0)
      diff-lcs (>= 1.2.0, < 2.0)
      rspec-support (~> 3.4.0)
    rspec-mocks (3.4.1)
      diff-lcs (>= 1.2.0, < 2.0)
      rspec-support (~> 3.4.0)
    rspec-support (3.4.1)
    thor (0.19.1)
    typespec (0.1.0.8)
    visual_studio (0.1.0.1)

PLATFORMS
  ruby
  x86-mingw32

DEPENDENCIES
  aruba
  cucumber
  rspec
  ryb!

BUNDLED WITH
   1.10.6
